PATH
  remote: .
  specs:
    ephemeral_job_log (0.1.0)

GEM
  remote: https://rubygems.org/
  specs:
    activesupport (6.1.7.10)
      concurrent-ruby (~> 1.0, >= 1.0.2)
      i18n (>= 1.6, < 2)
      minitest (>= 5.1)
      tzinfo (~> 2.0)
      zeitwerk (~> 2.3)
    concurrent-ruby (1.3.5)
    diff-lcs (1.6.0)
    i18n (1.14.7)
      concurrent-ruby (~> 1.0)
    minitest (5.25.4)
    rake (13.2.1)
    rspec (3.13.0)
      rspec-core (~> 3.13.0)
      rspec-expectations (~> 3.13.0)
      rspec-mocks (~> 3.13.0)
    rspec-core (3.13.2)
      rspec-support (~> 3.13.0)
    rspec-expectations (3.13.3)
      diff-lcs (>= 1.2.0, < 2.0)
      rspec-support (~> 3.13.0)
    rspec-mocks (3.13.2)
      diff-lcs (>= 1.2.0, < 2.0)
      rspec-support (~> 3.13.0)
    rspec-support (3.13.2)
    tzinfo (2.0.6)
      concurrent-ruby (~> 1.0)
    zeitwerk (2.7.2)

PLATFORMS
  arm64-darwin-22
  ruby

DEPENDENCIES
  activesupport (~> 6.0)
  ephemeral_job_log!
  rake (~> 13.0)
  rspec (~> 3.0)

BUNDLED WITH
   2.5.23
